GEM
  remote: https://rubygems.org/
  specs:
    coderay (1.1.1)
    faraday (0.15.2)
      multipart-post (>= 1.2, < 3)
    method_source (0.8.2)
    minitest (5.8.2)
    multipart-post (2.0.0)
    pry (0.10.3)
      coderay (~> 1.1.0)
      method_source (~> 0.8.1)
      slop (~> 3.4)
    rake (12.3.1)
    slop (3.6.0)

PLATFORMS
  ruby

DEPENDENCIES
  faraday
  minitest
  pry
  rake

BUNDLED WITH
   1.16.1
